GEM
  remote: https://rubygems.org/
  specs:
    connection_pool (2.3.0)
    eventmachine (1.2.7)
    faraday (2.6.0)
      faraday-net_http (>= 2.0, < 3.1)
      ruby2_keywords (>= 0.0.4)
    faraday-net_http (3.0.1)
    faye-websocket (0.11.1)
      eventmachine (>= 0.12.0)
      websocket-driver (>= 0.5.1)
    foreman (0.87.2)
    redis (5.0.5)
      redis-client (>= 0.9.0)
    redis-client (0.11.0)
      connection_pool
    ruby2_keywords (0.0.5)
    websocket-driver (0.7.5)
      websocket-extensions (>= 0.1.0)
    websocket-extensions (0.1.5)

PLATFORMS
  x86_64-darwin-21

DEPENDENCIES
  faraday (~> 2.6)
  faye-websocket (~> 0.11.1)
  foreman (~> 0.87.2)
  redis (~> 5.0)

BUNDLED WITH
   2.3.25
