GEM
  remote: https://rubygems.org/
  specs:
    connection_pool (2.3.0)
    multi_json (1.15.0)
    mustermann (3.0.0)
      ruby2_keywords (~> 0.0.1)
    nio4r (2.5.8)
    puma (6.0.0)
      nio4r (~> 2.0)
    rack (2.2.4)
    rack-protection (3.0.2)
      rack
    redis (5.0.5)
      redis-client (>= 0.9.0)
    redis-client (0.11.0)
      connection_pool
    ruby2_keywords (0.0.5)
    sinatra (3.0.2)
      mustermann (~> 3.0)
      rack (~> 2.2, >= 2.2.4)
      rack-protection (= 3.0.2)
      tilt (~> 2.0)
    sinatra-contrib (3.0.2)
      multi_json
      mustermann (~> 3.0)
      rack-protection (= 3.0.2)
      sinatra (= 3.0.2)
      tilt (~> 2.0)
    tilt (2.0.11)

PLATFORMS
  x86_64-darwin-21

DEPENDENCIES
  puma (~> 6.0)
  redis (~> 5.0)
  sinatra (~> 3.0)
  sinatra-contrib (~> 3.0)

BUNDLED WITH
   2.3.25
